GEM
  remote: https://rubygems.org/
  specs:
    childprocess (0.9.0)
      ffi (~> 1.0, >= 1.0.11)
    coderay (1.1.2)
    colorize (0.8.1)
    dotenv (2.6.0)
    ffi (1.10.0)
    method_source (0.8.2)
    pry (0.10.4)
      coderay (~> 1.1.0)
      method_source (~> 0.8.1)
      slop (~> 3.4)
    pry-nav (0.2.4)
      pry (>= 0.9.10, < 0.11.0)
    rubyzip (1.2.2)
    selenium-webdriver (3.141.0)
      childprocess (~> 0.5)
      rubyzip (~> 1.2, >= 1.2.2)
    slop (3.6.0)

PLATFORMS
  ruby

DEPENDENCIES
  colorize
  dotenv
  pry
  pry-nav
  selenium-webdriver

RUBY VERSION
   ruby 2.6.0p0

BUNDLED WITH
   1.17.3
